GEM
  remote: http://rubygems.org/
  specs:
    configuration (1.2.0)
    crack (0.1.8)
    daemons (1.1.8)
    dalli (2.1.0)
    eventmachine (0.12.10)
    hashie (1.2.0)
    heroku (1.14.6)
      json_pure (>= 1.2.0, < 1.5.0)
      launchy (~> 0.3.2)
      rest-client (>= 1.4.0, < 1.7.0)
    httmultiparty (0.3.8)
      httparty (>= 0.7.3)
      multipart-post
    httparty (0.7.8)
      crack (= 0.1.8)
    json (1.7.3)
    json_pure (1.4.6)
    launchy (0.3.7)
      configuration (>= 0.0.5)
      rake (>= 0.8.1)
    mime-types (1.16)
    multipart-post (1.1.5)
    rack (1.4.1)
    rack-protection (1.2.0)
      rack
    rake (0.8.7)
    rest-client (1.6.1)
      mime-types (>= 1.16)
    shotgun (0.9)
      rack (>= 1.0)
    sinatra (1.3.2)
      rack (~> 1.3, >= 1.3.6)
      rack-protection (~> 1.2)
      tilt (~> 1.3, >= 1.3.3)
    soundcloud (0.2.9)
      hashie
      httmultiparty (~> 0.3.0)
      httparty (~> 0.7.3)
    thin (1.3.1)
      daemons (>= 1.0.9)
      eventmachine (>= 0.12.6)
      rack (>= 1.0.0)
    tilt (1.3.3)

PLATFORMS
  ruby

DEPENDENCIES
  dalli
  heroku
  json
  rake (= 0.8.7)
  shotgun
  sinatra
  soundcloud
  thin
