GEM
  remote: http://rubygems.org/
  specs:
    crack (0.1.8)
    daemons (1.1.9)
    dalli (2.1.0)
    eventmachine (1.0.3)
    hashie (1.2.0)
    httmultiparty (0.3.8)
      httparty (>= 0.7.3)
      multipart-post
    httparty (0.7.8)
      crack (= 0.1.8)
    i18n (0.6.0)
    json (1.7.3)
    mail (2.4.4)
      i18n (>= 0.4.0)
      mime-types (~> 1.16)
      treetop (~> 1.4.8)
    memcachier (0.0.2)
    mime-types (1.16)
    multipart-post (1.1.5)
    polyglot (0.3.3)
    pony (1.4)
      mail (> 2.0)
    puma (1.6.3)
      rack (~> 1.2)
    rack (1.4.1)
    rack-protection (1.2.0)
      rack
    rake (0.8.7)
    shotgun (0.9)
      rack (>= 1.0)
    sinatra (1.3.2)
      rack (~> 1.3, >= 1.3.6)
      rack-protection (~> 1.2)
      tilt (~> 1.3, >= 1.3.3)
    soundcloud (0.2.9)
      hashie
      httmultiparty (~> 0.3.0)
      httparty (~> 0.7.3)
    thin (1.5.0)
      daemons (>= 1.0.9)
      eventmachine (>= 0.12.6)
      rack (>= 1.0.0)
    tilt (1.3.3)
    treetop (1.4.10)
      polyglot
      polyglot (>= 0.3.1)

PLATFORMS
  ruby

DEPENDENCIES
  dalli
  json
  memcachier
  pony
  puma
  rake (= 0.8.7)
  shotgun
  sinatra
  soundcloud
  thin
