GEM
  remote: http://rubygems.org/
  specs:
    crack (0.1.8)
    daemons (1.1.8)
    dalli (2.1.0)
    eventmachine (0.12.10)
    hashie (1.2.0)
    httmultiparty (0.3.8)
      httparty (>= 0.7.3)
      multipart-post
    httparty (0.7.8)
      crack (= 0.1.8)
    json (1.7.3)
    multipart-post (1.1.5)
    rack (1.4.1)
    rack-protection (1.2.0)
      rack
    rake (0.8.7)
    shotgun (0.9)
      rack (>= 1.0)
    sinatra (1.3.2)
      rack (~> 1.3, >= 1.3.6)
      rack-protection (~> 1.2)
      tilt (~> 1.3, >= 1.3.3)
    soundcloud (0.2.9)
      hashie
      httmultiparty (~> 0.3.0)
      httparty (~> 0.7.3)
    thin (1.3.1)
      daemons (>= 1.0.9)
      eventmachine (>= 0.12.6)
      rack (>= 1.0.0)
    tilt (1.3.3)

PLATFORMS
  ruby

DEPENDENCIES
  dalli
  json
  rake (= 0.8.7)
  shotgun
  sinatra
  soundcloud
  thin
